GEM
  remote: https://rubygems.org/
  specs:
    draftjs_exporter (0.0.4)
      nokogiri (~> 1.6, >= 1.6.0)
    mini_portile2 (2.1.0)
    nokogiri (1.6.8)
      mini_portile2 (~> 2.1.0)
      pkg-config (~> 1.1.7)
    pkg-config (1.1.7)

PLATFORMS
  ruby

DEPENDENCIES
  draftjs_exporter

BUNDLED WITH
   1.10.6
